PATH
  remote: .
  specs:
    guignol (0.2.0)
      active_support
      fog (~> 1.6.0)
      parallel (~> 0.5.14)
      term-ansicolor
      uuidtools

GEM
  remote: http://rubygems.org/
  specs:
    active_support (3.0.0)
      activesupport (= 3.0.0)
    activesupport (3.0.0)
    builder (3.1.3)
    coderay (1.0.7)
    diff-lcs (1.1.3)
    excon (0.16.4)
    fog (1.6.0)
      builder
      excon (~> 0.14)
      formatador (~> 0.2.0)
      mime-types
      multi_json (~> 1.0)
      net-scp (~> 1.0.4)
      net-ssh (>= 2.1.3)
      nokogiri (~> 1.5.0)
      ruby-hmac
    formatador (0.2.3)
    jruby-pageant (1.1.1)
    method_source (0.8)
    mime-types (1.19)
    multi_json (1.3.6)
    net-scp (1.0.4)
      net-ssh (>= 1.99.1)
    net-ssh (2.6.0)
      jruby-pageant (>= 1.1.1)
    nokogiri (1.5.5)
    parallel (0.5.18)
    pry (0.9.10)
      coderay (~> 1.0.5)
      method_source (~> 0.8)
      slop (~> 3.3.1)
    pry-nav (0.2.2)
      pry (~> 0.9.10)
    rake (0.9.2.2)
    rspec (2.4.0)
      rspec-core (~> 2.4.0)
      rspec-expectations (~> 2.4.0)
      rspec-mocks (~> 2.4.0)
    rspec-core (2.4.0)
    rspec-expectations (2.4.0)
      diff-lcs (~> 1.1.2)
    rspec-mocks (2.4.0)
    ruby-hmac (0.4.0)
    slop (3.3.3)
    term-ansicolor (1.0.7)
    uuidtools (2.1.3)

PLATFORMS
  ruby

DEPENDENCIES
  bundler (>= 1.0.0)
  guignol!
  pry
  pry-nav
  rake
  rspec (~> 2.4.0)
