PATH
  remote: .
  specs:
    guignol (0.1)
      active_support
      fog (~> 1.1.2)
      parallel (~> 0.5.14)
      term-ansicolor

GEM
  remote: http://rubygems.org/
  specs:
    active_support (3.0.0)
      activesupport (= 3.0.0)
    activesupport (3.0.0)
    awesome_print (1.0.2)
    builder (3.0.0)
    diff-lcs (1.1.3)
    excon (0.9.6)
    fog (1.1.2)
      builder
      excon (~> 0.9.0)
      formatador (~> 0.2.0)
      mime-types
      multi_json (~> 1.0.3)
      net-scp (~> 1.0.4)
      net-ssh (>= 2.1.3)
      nokogiri (~> 1.5.0)
      ruby-hmac
    formatador (0.2.1)
    mime-types (1.17.2)
    multi_json (1.0.4)
    net-scp (1.0.4)
      net-ssh (>= 1.99.1)
    net-ssh (2.3.0)
    nokogiri (1.5.0)
    parallel (0.5.14)
    rake (0.9.2.2)
    rspec (2.4.0)
      rspec-core (~> 2.4.0)
      rspec-expectations (~> 2.4.0)
      rspec-mocks (~> 2.4.0)
    rspec-core (2.4.0)
    rspec-expectations (2.4.0)
      diff-lcs (~> 1.1.2)
    rspec-mocks (2.4.0)
    ruby-hmac (0.4.0)
    term-ansicolor (1.0.7)

PLATFORMS
  ruby

DEPENDENCIES
  awesome_print
  bundler (>= 1.0.0)
  guignol!
  rake
  rspec (~> 2.4.0)
